GEM
  remote: https://rubygems.org/
  specs:
    actionview (5.0.2)
      activesupport (= 5.0.2)
      builder (~> 3.1)
      erubis (~> 2.7.0)
      rails-dom-testing (~> 2.0)
      rails-html-sanitizer (~> 1.0, >= 1.0.3)
    activesupport (5.0.2)
      concurrent-ruby (~> 1.0, >= 1.0.2)
      i18n (~> 0.7)
      minitest (~> 5.1)
      tzinfo (~> 1.1)
    addressable (2.5.2)
      public_suffix (>= 2.0.2, < 4.0)
    ast (2.3.0)
    aws-sdk (2.6.35)
      aws-sdk-resources (= 2.6.35)
    aws-sdk-core (2.6.35)
      aws-sigv4 (~> 1.0)
      jmespath (~> 1.0)
    aws-sdk-resources (2.6.35)
      aws-sdk-core (= 2.6.35)
    aws-sigv4 (1.0.1)
    backports (3.8.0)
    buftok (0.2.0)
    builder (3.2.3)
    codecov (0.1.10)
      json
      simplecov
      url
    concurrent-ruby (1.0.5)
    crack (0.4.3)
      safe_yaml (~> 1.0.0)
    docile (1.1.5)
    domain_name (0.5.20170404)
      unf (>= 0.0.5, < 1.0.0)
    equalizer (0.0.11)
    erubis (2.7.0)
    faraday (0.11.0)
      multipart-post (>= 1.2, < 3)
    ffi (1.9.18)
    glogin (0.2.1)
    haml (4.0.7)
      tilt
    hashdiff (0.3.6)
    http (2.2.2)
      addressable (~> 2.3)
      http-cookie (~> 1.0)
      http-form_data (~> 1.0.1)
      http_parser.rb (~> 0.6.0)
    http-cookie (1.0.3)
      domain_name (~> 0.5)
    http-form_data (1.0.3)
    http_parser.rb (0.6.0)
    i18n (0.8.6)
    jmespath (1.3.1)
    json (2.1.0)
    listen (3.1.5)
      rb-fsevent (~> 0.9, >= 0.9.4)
      rb-inotify (~> 0.9, >= 0.9.7)
      ruby_dep (~> 1.2)
    loofah (2.0.3)
      nokogiri (>= 1.5.9)
    mail (2.6.4)
      mime-types (>= 1.16, < 4)
    memoizable (0.4.2)
      thread_safe (~> 0.3, >= 0.3.1)
    mime-types (3.1)
      mime-types-data (~> 3.2015)
    mime-types-data (3.2016.0521)
    mini_portile2 (2.1.0)
    minitest (5.10.3)
    multi_json (1.12.1)
    multipart-post (2.0.0)
    naught (1.1.0)
    nokogiri (1.6.8.1)
      mini_portile2 (~> 2.1.0)
    parser (2.4.0.0)
      ast (~> 2.2)
    power_assert (1.1.0)
    powerpack (0.1.1)
    public_suffix (3.0.0)
    rack (1.6.8)
    rack-protection (1.5.3)
      rack
    rack-test (0.6.3)
      rack (>= 1.0)
    rails-dom-testing (2.0.3)
      activesupport (>= 4.2.0)
      nokogiri (>= 1.6)
    rails-html-sanitizer (1.0.3)
      loofah (~> 2.0)
    rainbow (2.2.2)
      rake
    rake (12.0.0)
    rb-fsevent (0.10.2)
    rb-inotify (0.9.10)
      ffi (>= 0.5.0, < 2)
    rerun (0.11.0)
      listen (~> 3.0)
    rmagick (2.16.0)
    rubocop (0.46.0)
      parser (>= 2.3.1.1, < 3.0)
      powerpack (~> 0.1)
      rainbow (>= 1.99.1, < 3.0)
      ruby-progressbar (~> 1.7)
      unicode-display_width (~> 1.0, >= 1.0.1)
    rubocop-rspec (1.8.0)
      rubocop (>= 0.42.0)
    ruby-progressbar (1.8.1)
    ruby_dep (1.5.0)
    safe_yaml (1.0.4)
    sass (3.4.22)
    sentry-raven (2.5.3)
      faraday (>= 0.7.6, < 1.0)
    simple_oauth (0.3.1)
    simplecov (0.15.0)
      docile (~> 1.1.0)
      json (>= 1.8, < 3)
      simplecov-html (~> 0.10.0)
    simplecov-html (0.10.2)
    sinatra (1.4.7)
      rack (~> 1.5)
      rack-protection (~> 1.4)
      tilt (>= 1.3, < 3)
    sinatra-contrib (1.4.7)
      backports (>= 2.0)
      multi_json
      rack-protection
      rack-test
      sinatra (~> 1.4.0)
      tilt (>= 1.3, < 3)
    stripe (2.1.0)
      faraday (~> 0)
    test-unit (3.0.8)
      power_assert
    thread_safe (0.3.6)
    tilt (2.0.8)
    time_difference (0.5.0)
      activesupport
    timeout-extensions (0.1.1)
    twitter (6.1.0)
      addressable (~> 2.5)
      buftok (~> 0.2.0)
      equalizer (= 0.0.11)
      faraday (~> 0.11.0)
      http (~> 2.1)
      http_parser.rb (~> 0.6.0)
      memoizable (~> 0.4.2)
      naught (~> 1.1)
      simple_oauth (~> 0.3.1)
    tzinfo (1.2.3)
      thread_safe (~> 0.1)
    unf (0.1.4)
      unf_ext
    unf_ext (0.0.7.4)
    unicode-display_width (1.3.0)
    url (0.3.2)
    webmock (3.0.1)
      addressable (>= 2.3.6)
      crack (>= 0.3.2)
      hashdiff
    xml-sitemap (1.3.3)
      builder (>= 2.0)

PLATFORMS
  ruby

DEPENDENCIES
  actionview (= 5.0.2)
  aws-sdk (= 2.6.35)
  codecov (= 0.1.10)
  concurrent-ruby (= 1.0.5)
  glogin
  haml (= 4.0.7)
  mail (= 2.6.4)
  nokogiri (= 1.6.8.1)
  rack-test (= 0.6.3)
  rake (= 12.0.0)
  rerun
  rmagick (= 2.16.0)
  rubocop (= 0.46.0)
  rubocop-rspec (= 1.8.0)
  sass (= 3.4.22)
  sentry-raven (= 2.5.3)
  sinatra (= 1.4.7)
  sinatra-contrib (= 1.4.7)
  stripe (= 2.1.0)
  test-unit (= 3.0.8)
  time_difference (= 0.5.0)
  timeout-extensions (= 0.1.1)
  twitter (= 6.1.0)
  webmock (= 3.0.1)
  xml-sitemap (= 1.3.3)

BUNDLED WITH
   1.11.2
